{
  "SeriesNumber": 15,
  "NonlinearGradientCorrection": true,
  "ImageTypeText": [
    "ORIGINAL",
    "PRIMARY",
    "M",
    "NORM",
    "DIS2D"
  ],
  "ImageType": [
    "ORIGINAL",
    "PRIMARY",
    "M",
    "NONE"
  ],
  "PulseSequenceName": "*tfl3d1_16ns",
  "ScanOptions": "IR\\WE",
  "SequenceVariant": "SK\\SP\\MP",
  "ScanningSequence": "GR\\IR",
  "ProtocolName": "t1_mprage_sag_iso",
  "SeriesDescription": "t1_mprage_sag_iso",
  "MRAcquisitionType": "3D",
  "SoftwareVersions": "syngo MR XA30",
  "ProcedureStepDescription": "Brain Project",
  "PatientPosition": "HFS",
  "BodyPartExamined": "BRAIN",
  "PatientWeight": 61,
  "DeviceSerialNumber": "166192",
  "InstitutionAddress": "Street StreetNo,NU1PQ-BQSRT,Hung Hom,HK,ZIP",
  "InstitutionName": "The Hong Kong Polytechnic University",
  "ManufacturersModelName": "MAGNETOM Prisma",
  "Manufacturer": "Siemens",
  "ImagingFrequency": 123.258,
  "MagneticFieldStrength": 3,
  "Modality": "MR",
  "StationName": "AWP166192",
  "SeriesInstanceUID": "1.3.12.2.1107.5.2.43.166192.30000022123009040083400000920",
  "StudyInstanceUID": "1.3.12.2.1107.5.2.43.166192.30000022123009040083400000921",
  "StudyID": "3d3ab5cb-ae5d-40",
  "PatientName": "CBS_MO_003_085",
  "PatientID": "20221230_02",
  "PatientBirthDate": "1947-05-29",
  "PatientSex": "F",
  "AcquisitionTime": "11:32:2.965000",
  "AcquisitionDateTime": "2022-12-30T11:32:2.965000",
  "AcquisitionNumber": 1,
  "SliceThickness": 0.8,
  "EchoTime": 0.00222,
  "RepetitionTime": 2.5,
  "MTState": false,
  "InversionTime": 1.12,
  "FlipAngle": 8,
  "PartialFourier": 1,
  "BaseResolution": 320,
  "ShimSetting": [
    -2336,
    -11228,
    1291,
    -1,
    63,
    -526,
    4,
    67
  ],
  "TxRefAmp": 270.871,
  "PhaseResolution": 1,
  "ReceiveCoilName": "HeadNeck_20",
  "ReceiveCoilActiveElements": "HE1-4;NE1,2",
  "CoilString": "HeadNeck_20",
  "PulseSequenceDetails": "%SiemensSeq%\\tfl",
  "RefLinesPE": 32,
  "CoilCombinationMethod": "Adaptive Combine",
  "MatrixCoilMode": "GRAPPA",
  "PercentPhaseFOV": 93.75,
  "PercentSampling": 100,
  "AcquisitionMatrixPE": 300,
  "ReconMatrixPE": 300,
  "ParallelReductionFactorInPlane": 2,
  "ParallelAcquisitionTechnique": "GRAPPA",
  "AcquisitionDuration": 411.922,
  "PixelBandwidth": 220,
  "DwellTime": 7.1e-06,
  "ImageOrientationPatientDICOM": [
    0.0703041,
    0.997526,
    -1.87923e-08,
    -0.0332533,
    0.00234363,
    -0.999444
  ],
  "InPlanePhaseEncodingDirectionDICOM": "ROW"
}
