{
  "InPlanePhaseEncodingDirectionDICOM": "ROW",
  "ImageOrientationPatientDICOM": [
    0.0418309,
    0.993933,
    -0.101725,
    -0.0269034,
    -0.100657,
    -0.994557
  ],
  "PixelBandwidth": 220,
  "ParallelReductionFactorInPlane": 2,
  "ReconMatrixPE": 300,
  "AcquisitionMatrixPE": 300,
  "PercentSampling": 100,
  "PercentPhaseFOV": 93.75,
  "CoilString": "HeadNeck_20",
  "ReceiveCoilActiveElements": "HE1-4;NE1,2",
  "FlipAngle": 8,
  "InversionTime": 1.12,
  "RepetitionTime": 2.5,
  "PatientSex": "F",
  "PatientBirthDate": "1955-06-07",
  "PatientID": "20220729_01",
  "PatientName": "CBS_MO_003_052",
  "StudyID": "29951cb1-aa99-44",
  "StudyInstanceUID": "1.3.12.2.1107.5.2.43.166192.30000022072908350535200000003",
  "SeriesInstanceUID": "1.3.12.2.1107.5.2.43.166192.2022072908511612360402016.0.0.0",
  "StationName": "AWP166192",
  "Modality": "MR",
  "MagneticFieldStrength": 3,
  "ImagingFrequency": 123.258,
  "Manufacturer": "Siemens",
  "ManufacturersModelName": "MAGNETOM Prisma",
  "InstitutionName": "The Hong Kong Polytechnic University",
  "InstitutionAddress": "Street StreetNo,NU1PQ-BQSRT,Hung Hom,HK,ZIP",
  "DeviceSerialNumber": "166192",
  "PatientWeight": 59,
  "BodyPartExamined": "BRAIN",
  "PatientPosition": "HFS",
  "ProcedureStepDescription": "Brain Project",
  "SoftwareVersions": "syngo MR XA30",
  "MRAcquisitionType": "3D",
  "SeriesDescription": "t1_mprage_sag_iso",
  "ProtocolName": "t1_mprage_sag_iso",
  "SequenceVariant": "SK\\SP\\MP",
  "ImageType": [
    "ORIGINAL",
    "PRIMARY",
    "M",
    "NONE"
  ],
  "SeriesNumber": 5,
  "AcquisitionTime": "08:51:17.012500",
  "AcquisitionDateTime": "2022-07-29T08:51:17.012500",
  "AcquisitionNumber": 1,
  "SliceThickness": 0.8,
  "EchoTime": 0.00222
}
