{
  "InPlanePhaseEncodingDirectionDICOM": "ROW",
  "ImageOrientationPatientDICOM": [
    0.00172423,
    0.995552,
    0.0941982,
    -0.0148557,
    0.0942135,
    -0.995441
  ],
  "PixelBandwidth": 220,
  "ReconMatrixPE": 300,
  "AcquisitionMatrixPE": 300,
  "PercentSampling": 100,
  "PercentPhaseFOV": 93.75,
  "CoilString": "HeadNeck_20",
  "FlipAngle": 8,
  "InversionTime": 1.12,
  "PatientSex": "M",
  "PatientBirthDate": "1953-12-20",
  "PatientID": "20220607_05",
  "PatientName": "CBS_MO_003_040",
  "StudyID": "1cda8e84-b314-48",
  "StudyInstanceUID": "1.3.12.2.1107.5.2.43.166192.30000022060709024284600000014",
  "SeriesInstanceUID": "1.3.12.2.1107.5.2.43.166192.2022060715045390522689218.0.0.0",
  "StationName": "AWP166192",
  "Modality": "MR",
  "MagneticFieldStrength": 3,
  "ImagingFrequency": 123.258,
  "Manufacturer": "Siemens",
  "ManufacturersModelName": "MAGNETOM Prisma",
  "InstitutionName": "The Hong Kong Polytechnic University",
  "InstitutionAddress": "Street StreetNo,NU1PQ-BQSRT,Hung Hom,HK,ZIP",
  "DeviceSerialNumber": "166192",
  "PatientWeight": 62,
  "BodyPartExamined": "BRAIN",
  "PatientPosition": "HFS",
  "ProcedureStepDescription": "Brain Project",
  "SoftwareVersions": "syngo MR XA30",
  "MRAcquisitionType": "3D",
  "SeriesDescription": "t1_mprage_sag_iso",
  "ProtocolName": "t1_mprage_sag_iso",
  "ImageType": [
    "ORIGINAL",
    "PRIMARY",
    "M",
    "NONE"
  ],
  "SeriesNumber": 5,
  "AcquisitionTime": "15:04:54.997500",
  "AcquisitionDateTime": "2022-06-07T15:04:54.997500",
  "AcquisitionNumber": 1,
  "SliceThickness": 0.8,
  "EchoTime": 0.00222,
  "RepetitionTime": 2.5
}
