{
  "InPlanePhaseEncodingDirectionDICOM": "ROW",
  "ImageOrientationPatientDICOM": [
    -0.0116034,
    0.996624,
    -0.0812723,
    -0.101186,
    -0.0820308,
    -0.99148
  ],
  "PixelBandwidth": 220,
  "ReconMatrixPE": 300,
  "AcquisitionMatrixPE": 300,
  "PercentSampling": 100,
  "PercentPhaseFOV": 93.75,
  "CoilString": "HeadNeck_20",
  "FlipAngle": 8,
  "InversionTime": 1.12,
  "PatientSex": "M",
  "PatientBirthDate": "1955-06-24",
  "PatientID": "20220608_02",
  "PatientName": "CBS_MO_003_041",
  "StudyID": "b1b2559b-c383-40",
  "StudyInstanceUID": "1.3.12.2.1107.5.2.43.166192.30000022060809010834800000005",
  "SeriesInstanceUID": "1.3.12.2.1107.5.2.43.166192.2022060810534831565211354.0.0.0",
  "StationName": "AWP166192",
  "Modality": "MR",
  "MagneticFieldStrength": 3,
  "ImagingFrequency": 123.258,
  "Manufacturer": "Siemens",
  "ManufacturersModelName": "MAGNETOM Prisma",
  "InstitutionName": "The Hong Kong Polytechnic University",
  "InstitutionAddress": "Street StreetNo,NU1PQ-BQSRT,Hung Hom,HK,ZIP",
  "DeviceSerialNumber": "166192",
  "PatientWeight": 64,
  "BodyPartExamined": "BRAIN",
  "PatientPosition": "HFS",
  "ProcedureStepDescription": "Brain Project",
  "SoftwareVersions": "syngo MR XA30",
  "MRAcquisitionType": "3D",
  "SeriesDescription": "t1_mprage_sag_iso",
  "ProtocolName": "t1_mprage_sag_iso",
  "ImageType": [
    "ORIGINAL",
    "PRIMARY",
    "M",
    "NONE"
  ],
  "SeriesNumber": 5,
  "AcquisitionTime": "10:53:50.002500",
  "AcquisitionDateTime": "2022-06-08T10:53:50.002500",
  "AcquisitionNumber": 1,
  "SliceThickness": 0.8,
  "EchoTime": 0.00222,
  "RepetitionTime": 2.5
}
