{
  "SeriesNumber": 5,
  "NonlinearGradientCorrection": true,
  "ImageTypeText": [
    "ORIGINAL",
    "PRIMARY",
    "M",
    "NORM",
    "DIS2D"
  ],
  "ImageType": [
    "ORIGINAL",
    "PRIMARY",
    "M",
    "NONE"
  ],
  "PulseSequenceName": "*tfl3d1_16ns",
  "ScanOptions": "IR\\WE",
  "SequenceVariant": "SK\\SP\\MP",
  "ScanningSequence": "GR\\IR",
  "ProtocolName": "t1_mprage_sag_iso",
  "SeriesDescription": "t1_mprage_sag_iso",
  "MRAcquisitionType": "3D",
  "SoftwareVersions": "syngo MR XA30",
  "ProcedureStepDescription": "Brain Project",
  "PatientPosition": "HFS",
  "BodyPartExamined": "BRAIN",
  "PatientWeight": 39,
  "DeviceSerialNumber": "166192",
  "InstitutionAddress": "Street StreetNo,NU1PQ-BQSRT,Hung Hom,HK,ZIP",
  "InstitutionName": "The Hong Kong Polytechnic University",
  "ManufacturersModelName": "MAGNETOM Prisma",
  "Manufacturer": "Siemens",
  "ImagingFrequency": 123.258,
  "MagneticFieldStrength": 3,
  "Modality": "MR",
  "StationName": "AWP166192",
  "SeriesInstanceUID": "1.3.12.2.1107.5.2.43.166192.2023010909341473543502016.0.0.0",
  "StudyInstanceUID": "1.3.12.2.1107.5.2.43.166192.30000023010908495804700000003",
  "StudyID": "4fdb1d5d-bbd2-48",
  "PatientName": "CBS_MO_003_086",
  "PatientID": "20230109_01",
  "PatientBirthDate": "1951-03-22",
  "PatientSex": "F",
  "AcquisitionTime": "09:34:15.992500",
  "AcquisitionDateTime": "2023-01-09T09:34:15.992500",
  "AcquisitionNumber": 1,
  "SliceThickness": 0.8,
  "EchoTime": 0.00222,
  "RepetitionTime": 2.5,
  "MTState": false,
  "InversionTime": 1.12,
  "FlipAngle": 8,
  "PartialFourier": 1,
  "BaseResolution": 320,
  "ShimSetting": [
    -2315,
    -11295,
    1271,
    131,
    -20,
    -525,
    8,
    102
  ],
  "TxRefAmp": 241.041,
  "PhaseResolution": 1,
  "ReceiveCoilName": "HeadNeck_20",
  "ReceiveCoilActiveElements": "HE1-4;NE1,2",
  "CoilString": "HeadNeck_20",
  "PulseSequenceDetails": "%SiemensSeq%\\tfl",
  "RefLinesPE": 32,
  "CoilCombinationMethod": "Adaptive Combine",
  "MatrixCoilMode": "GRAPPA",
  "PercentPhaseFOV": 93.75,
  "PercentSampling": 100,
  "AcquisitionMatrixPE": 300,
  "ReconMatrixPE": 300,
  "ParallelReductionFactorInPlane": 2,
  "ParallelAcquisitionTechnique": "GRAPPA",
  "AcquisitionDuration": 411.922,
  "PixelBandwidth": 220,
  "DwellTime": 7.1e-06,
  "ImageOrientationPatientDICOM": [
    0.0321104,
    0.989909,
    0.138021,
    -0.0625309,
    0.139812,
    -0.988202
  ],
  "InPlanePhaseEncodingDirectionDICOM": "ROW"
}
