{
  "InPlanePhaseEncodingDirectionDICOM": "ROW",
  "ImageOrientationPatientDICOM": [
    0.119876,
    0.989757,
    0.0775235,
    -0.065288,
    0.0857768,
    -0.994173
  ],
  "PixelBandwidth": 220,
  "ParallelReductionFactorInPlane": 2,
  "ReconMatrixPE": 300,
  "AcquisitionMatrixPE": 300,
  "PhaseEncodingSteps": 300,
  "PercentSampling": 100,
  "PercentPhaseFOV": 93.75,
  "CoilString": "HeadNeck_20",
  "ReceiveCoilActiveElements": "HE1-4;NE1,2",
  "FlipAngle": 8,
  "InversionTime": 1.12,
  "RepetitionTime": 2.5,
  "EchoTime": 0.00222,
  "SAR": 0.0552673,
  "SliceThickness": 0.8,
  "AcquisitionNumber": 1,
  "PatientSex": "F",
  "PatientBirthDate": "1947-02-15",
  "PatientID": "20220110_02",
  "PatientName": "CBS_MO_003_015",
  "StudyID": "066e2b61-053f-4f",
  "StudyInstanceUID": "1.3.12.2.1107.5.2.43.166192.30000022011009110696000000005",
  "SeriesInstanceUID": "143941.746000",
  "StationName": "AWP166192",
  "Modality": "MR",
  "MagneticFieldStrength": 3,
  "ImagingFrequency": 123.258,
  "Manufacturer": "Siemens",
  "ManufacturersModelName": "MAGNETOM Prisma",
  "InstitutionName": "The Hong Kong Polytechnic University",
  "InstitutionAddress": "Street StreetNo,CP7ZM-RJHXA,Hung Hom,HK,ZIP",
  "DeviceSerialNumber": "166192",
  "PatientWeight": 47,
  "BodyPartExamined": "BRAIN",
  "PatientPosition": "HFS",
  "ProcedureStepDescription": "Brain Project",
  "SoftwareVersions": "syngo MR XA30",
  "MRAcquisitionType": "3D",
  "SeriesDescription": "t1_mprage_sag_iso",
  "ProtocolName": "t1_mprage_sag_iso",
  "ScanningSequence": "GR",
  "SequenceVariant": "SK",
  "ScanOptions": "CG\\RG\\PER",
  "SequenceName": "*tfl3d1_16ns",
  "ImageType": [
    "ORIGINAL",
    "PRIMARY",
    "M",
    "NORM",
    "DIS2D",
    "MFSPLIT"
  ],
  "SeriesNumber": 5,
  "AcquisitionTime": "14:32:49.027500",
  "AcquisitionDateTime": "2022-01-10T14:32:49.027500"
}
