{
  "InPlanePhaseEncodingDirectionDICOM": "ROW",
  "ImageOrientationPatientDICOM": [
    0.0347543,
    0.961882,
    -0.271246,
    -0.0242144,
    -0.27052,
    -0.96241
  ],
  "PixelBandwidth": 220,
  "ReconMatrixPE": 300,
  "AcquisitionMatrixPE": 300,
  "PercentSampling": 100,
  "PercentPhaseFOV": 93.75,
  "CoilString": "HeadNeck_20",
  "FlipAngle": 8,
  "InversionTime": 1.12,
  "PatientSex": "M",
  "PatientBirthDate": "1955-12-17",
  "PatientID": "20211105_01",
  "PatientName": "CBS_MO_003_011",
  "StudyID": "b1849791-d094-48",
  "StudyInstanceUID": "1.3.12.2.1107.5.2.50.166192.30000021110508393781000000008",
  "SeriesInstanceUID": "1.3.12.2.1107.5.2.50.166192.2021110510223366965802016.0.0.0",
  "StationName": "AWP166192",
  "Modality": "MR",
  "MagneticFieldStrength": 3,
  "ImagingFrequency": 123.258,
  "Manufacturer": "Siemens",
  "ManufacturersModelName": "MAGNETOM Prisma",
  "InstitutionName": "The Hong Kong Polytechnic University",
  "InstitutionAddress": "Street StreetNo,CP7ZM-RJHXA,Hung Hom,HK,ZIP",
  "DeviceSerialNumber": "166192",
  "PatientWeight": 99.7902,
  "BodyPartExamined": "BRAIN",
  "PatientPosition": "HFS",
  "ProcedureStepDescription": "Brain Project",
  "SoftwareVersions": "syngo MR XA30",
  "MRAcquisitionType": "3D",
  "SeriesDescription": "t1_mprage_sag_iso",
  "ProtocolName": "t1_mprage_sag_iso",
  "ImageType": [
    "ORIGINAL",
    "PRIMARY",
    "M",
    "NONE"
  ],
  "SeriesNumber": 5,
  "AcquisitionTime": "10:22:35.002500",
  "AcquisitionDateTime": "2021-11-05T10:22:35.002500",
  "AcquisitionNumber": 1,
  "SliceThickness": 0.8,
  "EchoTime": 0.00222,
  "RepetitionTime": 2.5
}
