{
  "InPlanePhaseEncodingDirectionDICOM": "ROW",
  "NonlinearGradientCorrection": true,
  "ImageTypeText": [
    "ORIGINAL",
    "PRIMARY",
    "M",
    "NORM",
    "DIS2D"
  ],
  "ImageType": [
    "ORIGINAL",
    "PRIMARY",
    "M",
    "NONE"
  ],
  "PulseSequenceName": "*tfl3d1_16ns",
  "ScanOptions": "IR\\WE",
  "SequenceVariant": "SK\\SP\\MP",
  "ScanningSequence": "GR\\IR",
  "ProtocolName": "t1_mprage_sag_iso",
  "SeriesDescription": "t1_mprage_sag_iso",
  "MRAcquisitionType": "3D",
  "SoftwareVersions": "syngo MR XA30",
  "ProcedureStepDescription": "Brain Project",
  "PatientPosition": "HFS",
  "BodyPartExamined": "BRAIN",
  "PatientWeight": 78,
  "PatientSex": "F",
  "DeviceSerialNumber": "166192",
  "InstitutionAddress": "Street StreetNo,NU1PQ-BQSRT,Hung Hom,HK,ZIP",
  "InstitutionName": "The Hong Kong Polytechnic University",
  "ManufacturersModelName": "MAGNETOM Prisma",
  "Manufacturer": "Siemens",
  "ImagingFrequency": 123.258,
  "MagneticFieldStrength": 3,
  "Modality": "MR",
  "StationName": "AWP166192",
  "SeriesInstanceUID": "1.3.12.2.1107.5.2.43.166192.2023021409562209855802016.0.0.0",
  "StudyInstanceUID": "1.3.12.2.1107.5.2.43.166192.30000023021408575451300000003",
  "StudyID": "fcabed42-1bf6-4c",
  "PatientName": "CBS_MO_003_087",
  "PatientID": "20230214_01",
  "AccessionNumber": "20230214_01",
  "PatientBirthDate": "1953-06-25",
  "SeriesNumber": 5,
  "AcquisitionTime": "09:56:23.007500",
  "AcquisitionDateTime": "2023-02-14T09:56:23.007500",
  "AcquisitionNumber": 1,
  "SliceThickness": 0.8,
  "EchoTime": 0.00222,
  "RepetitionTime": 2.5,
  "MTState": false,
  "InversionTime": 1.12,
  "FlipAngle": 8,
  "PartialFourier": 1,
  "BaseResolution": 320,
  "ShimSetting": [
    -2310,
    -11263,
    1342,
    -88,
    -50,
    -482,
    132,
    8
  ],
  "TxRefAmp": 278.486,
  "PhaseResolution": 1,
  "ReceiveCoilName": "HeadNeck_20",
  "ReceiveCoilActiveElements": "HE1-4;NE1,2",
  "CoilString": "HeadNeck_20",
  "PulseSequenceDetails": "%SiemensSeq%\\tfl",
  "RefLinesPE": 32,
  "CoilCombinationMethod": "Adaptive Combine",
  "MatrixCoilMode": "GRAPPA",
  "PercentPhaseFOV": 93.75,
  "PercentSampling": 100,
  "AcquisitionMatrixPE": 300,
  "ReconMatrixPE": 300,
  "ParallelReductionFactorInPlane": 2,
  "ParallelAcquisitionTechnique": "GRAPPA",
  "AcquisitionDuration": 411.922,
  "PixelBandwidth": 220,
  "DwellTime": 7.1e-06,
  "ImageOrientationPatientDICOM": [
    -0.0321852,
    0.997171,
    0.067923,
    -0.0332676,
    0.0668518,
    -0.997208
  ]
}
