{
  "InPlanePhaseEncodingDirectionDICOM": "ROW",
  "ImageOrientationPatientDICOM": [
    -0.0382281,
    0.978079,
    0.204694,
    -0.0362362,
    0.203352,
    -0.978435
  ],
  "PixelBandwidth": 220,
  "ReconMatrixPE": 300,
  "AcquisitionMatrixPE": 300,
  "PercentSampling": 100,
  "PercentPhaseFOV": 93.75,
  "CoilString": "HeadNeck_20",
  "FlipAngle": 8,
  "InversionTime": 1.12,
  "PatientSex": "F",
  "PatientBirthDate": "1956-02-17",
  "PatientID": "20220622_05",
  "PatientName": "CBS_MO_003_048",
  "StudyID": "b76dac2e-5520-4d",
  "StudyInstanceUID": "1.3.12.2.1107.5.2.43.166192.30000022062208591142100000014",
  "SeriesInstanceUID": "1.3.12.2.1107.5.2.43.166192.2022062215022163388473299.0.0.0",
  "StationName": "AWP166192",
  "Modality": "MR",
  "MagneticFieldStrength": 3,
  "ImagingFrequency": 123.258,
  "Manufacturer": "Siemens",
  "ManufacturersModelName": "MAGNETOM Prisma",
  "InstitutionName": "The Hong Kong Polytechnic University",
  "InstitutionAddress": "Street StreetNo,NU1PQ-BQSRT,Hung Hom,HK,ZIP",
  "DeviceSerialNumber": "166192",
  "PatientWeight": 62,
  "BodyPartExamined": "BRAIN",
  "PatientPosition": "HFS",
  "ProcedureStepDescription": "Brain Project",
  "SoftwareVersions": "syngo MR XA30",
  "MRAcquisitionType": "3D",
  "SeriesDescription": "t1_mprage_sag_iso",
  "ProtocolName": "t1_mprage_sag_iso",
  "ImageType": [
    "ORIGINAL",
    "PRIMARY",
    "M",
    "NONE"
  ],
  "SeriesNumber": 5,
  "AcquisitionTime": "15:02:23.005000",
  "AcquisitionDateTime": "2022-06-22T15:02:23.005000",
  "AcquisitionNumber": 1,
  "SliceThickness": 0.8,
  "EchoTime": 0.00222,
  "RepetitionTime": 2.5
}
