{
  "InPlanePhaseEncodingDirectionDICOM": "ROW",
  "ImageOrientationPatientDICOM": [
    -0.0600822,
    0.99819,
    0.00245732,
    -0.0680731,
    -0.00164134,
    -0.997679
  ],
  "PixelBandwidth": 220,
  "ParallelReductionFactorInPlane": 2,
  "ReconMatrixPE": 300,
  "AcquisitionMatrixPE": 300,
  "PercentSampling": 100,
  "PercentPhaseFOV": 93.75,
  "CoilString": "HeadNeck_20",
  "ReceiveCoilActiveElements": "HE1-4;NE1,2",
  "FlipAngle": 8,
  "InversionTime": 1.12,
  "RepetitionTime": 2.5,
  "PatientSex": "F",
  "PatientBirthDate": "1953-04-23",
  "PatientID": "20221123_01",
  "PatientName": "CBS_MO_003_055",
  "StudyID": "96644605-e717-49",
  "StudyInstanceUID": "1.3.12.2.1107.5.2.43.166192.30000022112308432799300000005",
  "SeriesInstanceUID": "1.3.12.2.1107.5.2.43.166192.2022112310005717052802016.0.0.0",
  "StationName": "AWP166192",
  "Modality": "MR",
  "MagneticFieldStrength": 3,
  "ImagingFrequency": 123.258,
  "Manufacturer": "Siemens",
  "ManufacturersModelName": "MAGNETOM Prisma",
  "InstitutionName": "The Hong Kong Polytechnic University",
  "InstitutionAddress": "Street StreetNo,NU1PQ-BQSRT,Hung Hom,HK,ZIP",
  "DeviceSerialNumber": "166192",
  "PatientWeight": 52,
  "BodyPartExamined": "BRAIN",
  "PatientPosition": "HFS",
  "ProcedureStepDescription": "Brain Project",
  "SoftwareVersions": "syngo MR XA30",
  "MRAcquisitionType": "3D",
  "SeriesDescription": "t1_mprage_sag_iso",
  "ProtocolName": "t1_mprage_sag_iso",
  "SequenceVariant": "SK\\SP\\MP",
  "ImageType": [
    "ORIGINAL",
    "PRIMARY",
    "M",
    "NONE"
  ],
  "SeriesNumber": 5,
  "AcquisitionTime": "10:00:59.010000",
  "AcquisitionDateTime": "2022-11-23T10:00:59.010000",
  "AcquisitionNumber": 1,
  "SliceThickness": 0.8,
  "EchoTime": 0.00222
}
