{
  "InPlanePhaseEncodingDirectionDICOM": "ROW",
  "ImageOrientationPatientDICOM": [
    -0.040076,
    0.967814,
    0.248455,
    -0.0571707,
    0.246026,
    -0.967576
  ],
  "PixelBandwidth": 220,
  "ParallelReductionFactorInPlane": 2,
  "ReconMatrixPE": 300,
  "AcquisitionMatrixPE": 300,
  "PercentSampling": 100,
  "PercentPhaseFOV": 93.75,
  "CoilString": "HeadNeck_20",
  "ReceiveCoilActiveElements": "HE1-4;NE1,2",
  "FlipAngle": 8,
  "InversionTime": 1.12,
  "RepetitionTime": 2.5,
  "PatientSex": "F",
  "PatientBirthDate": "1953-02-19",
  "PatientID": "20220720_02",
  "PatientName": "CBS_MO_003_050",
  "StudyID": "5a612fac-ad8f-42",
  "StudyInstanceUID": "1.3.12.2.1107.5.2.43.166192.30000022072009082741800000006",
  "SeriesInstanceUID": "1.3.12.2.1107.5.2.43.166192.2022072010583885969676154.0.0.0",
  "StationName": "AWP166192",
  "Modality": "MR",
  "MagneticFieldStrength": 3,
  "ImagingFrequency": 123.258,
  "Manufacturer": "Siemens",
  "ManufacturersModelName": "MAGNETOM Prisma",
  "InstitutionName": "The Hong Kong Polytechnic University",
  "InstitutionAddress": "Street StreetNo,NU1PQ-BQSRT,Hung Hom,HK,ZIP",
  "DeviceSerialNumber": "166192",
  "PatientWeight": 52,
  "BodyPartExamined": "BRAIN",
  "PatientPosition": "HFS",
  "ProcedureStepDescription": "Brain Project",
  "SoftwareVersions": "syngo MR XA30",
  "MRAcquisitionType": "3D",
  "SeriesDescription": "t1_mprage_sag_iso",
  "ProtocolName": "t1_mprage_sag_iso",
  "SequenceVariant": "SK\\SP\\MP",
  "ImageType": [
    "ORIGINAL",
    "PRIMARY",
    "M",
    "NONE"
  ],
  "SeriesNumber": 5,
  "AcquisitionTime": "10:58:40.015000",
  "AcquisitionDateTime": "2022-07-20T10:58:40.015000",
  "AcquisitionNumber": 1,
  "SliceThickness": 0.8,
  "EchoTime": 0.00222
}
