{
  "InPlanePhaseEncodingDirectionDICOM": "ROW",
  "ImageOrientationPatientDICOM": [
    -0.0479243,
    0.979267,
    -0.196826,
    0.048811,
    -0.194521,
    -0.979683
  ],
  "PixelBandwidth": 220,
  "ReconMatrixPE": 300,
  "AcquisitionMatrixPE": 300,
  "PercentSampling": 100,
  "PercentPhaseFOV": 93.75,
  "CoilString": "HeadNeck_20",
  "FlipAngle": 8,
  "InversionTime": 1.12,
  "PatientSex": "F",
  "PatientBirthDate": "1950-12-01",
  "PatientID": "20220526_03",
  "PatientName": "CBS_MO_003_037",
  "StudyID": "74ae5d71-fd25-4b",
  "StudyInstanceUID": "1.3.12.2.1107.5.2.43.166192.30000022052608561255100000012",
  "SeriesInstanceUID": "1.3.12.2.1107.5.2.43.166192.2022052614014618431632557.0.0.0",
  "StationName": "AWP166192",
  "Modality": "MR",
  "MagneticFieldStrength": 3,
  "ImagingFrequency": 123.258,
  "Manufacturer": "Siemens",
  "ManufacturersModelName": "MAGNETOM Prisma",
  "InstitutionName": "The Hong Kong Polytechnic University",
  "InstitutionAddress": "Street StreetNo,NU1PQ-BQSRT,Hung Hom,HK,ZIP",
  "DeviceSerialNumber": "166192",
  "PatientWeight": 58,
  "BodyPartExamined": "BRAIN",
  "PatientPosition": "HFS",
  "ProcedureStepDescription": "Brain Project",
  "SoftwareVersions": "syngo MR XA30",
  "MRAcquisitionType": "3D",
  "SeriesDescription": "t1_mprage_sag_iso",
  "ProtocolName": "t1_mprage_sag_iso",
  "ImageType": [
    "ORIGINAL",
    "PRIMARY",
    "M",
    "NONE"
  ],
  "SeriesNumber": 5,
  "AcquisitionTime": "14:01:48.050000",
  "AcquisitionDateTime": "2022-05-26T14:01:48.050000",
  "AcquisitionNumber": 1,
  "SliceThickness": 0.8,
  "EchoTime": 0.00222,
  "RepetitionTime": 2.5
}
