{
  "InPlanePhaseEncodingDirectionDICOM": "ROW",
  "ImageOrientationPatientDICOM": [
    -0.0166113,
    0.939149,
    -0.343109,
    0.00940262,
    -0.342994,
    -0.93929
  ],
  "PixelBandwidth": 220,
  "ParallelReductionFactorInPlane": 2,
  "ReconMatrixPE": 300,
  "AcquisitionMatrixPE": 300,
  "PhaseEncodingSteps": 300,
  "PercentSampling": 100,
  "PercentPhaseFOV": 93.75,
  "CoilString": "HeadNeck_20",
  "ReceiveCoilActiveElements": "HE1-4;NE1,2",
  "FlipAngle": 8,
  "InversionTime": 1.12,
  "RepetitionTime": 2.5,
  "EchoTime": 0.00222,
  "SAR": 0.053849,
  "SliceThickness": 0.8,
  "AcquisitionNumber": 1,
  "PatientSex": "M",
  "PatientBirthDate": "1947-10-03",
  "PatientID": "20220114_02",
  "PatientName": "CBS_MO_003_020",
  "StudyID": "34d27f55-e639-4d",
  "StudyInstanceUID": "1.3.12.2.1107.5.2.43.166192.30000022011409294617700000005",
  "SeriesInstanceUID": "150606.884000",
  "StationName": "AWP166192",
  "Modality": "MR",
  "MagneticFieldStrength": 3,
  "ImagingFrequency": 123.258,
  "Manufacturer": "Siemens",
  "ManufacturersModelName": "MAGNETOM Prisma",
  "InstitutionName": "The Hong Kong Polytechnic University",
  "InstitutionAddress": "Street StreetNo,CP7ZM-RJHXA,Hung Hom,HK,ZIP",
  "DeviceSerialNumber": "166192",
  "PatientWeight": 82,
  "BodyPartExamined": "BRAIN",
  "PatientPosition": "HFS",
  "ProcedureStepDescription": "Brain Project",
  "SoftwareVersions": "syngo MR XA30",
  "MRAcquisitionType": "3D",
  "SeriesDescription": "t1_mprage_sag_iso",
  "ProtocolName": "t1_mprage_sag_iso",
  "ScanningSequence": "GR",
  "SequenceVariant": "SK",
  "ScanOptions": "CG\\RG\\PER",
  "SequenceName": "*tfl3d1_16ns",
  "ImageType": [
    "ORIGINAL",
    "PRIMARY",
    "M",
    "NORM",
    "DIS2D",
    "MFSPLIT"
  ],
  "SeriesNumber": 5,
  "AcquisitionTime": "14:59:14.012500",
  "AcquisitionDateTime": "2022-01-14T14:59:14.012500"
}
